GEM
  remote: https://rubygems.org/
  specs:
    actionmcp (0.82.0)
      activerecord (>= 8.0.1)
      concurrent-ruby (>= 1.3.1)
      jsonrpc-rails (>= 0.5.3)
      multi_json
      ostruct
      railties (>= 8.0.1)
      zeitwerk (~> 2.6)
    actionpack (8.1.0.beta1)
      actionview (= 8.1.0.beta1)
      activesupport (= 8.1.0.beta1)
      nokogiri (>= 1.8.5)
      rack (>= 2.2.4)
      rack-session (>= 1.0.1)
      rack-test (>= 0.6.3)
      rails-dom-testing (~> 2.2)
      rails-html-sanitizer (~> 1.6)
      useragent (~> 0.16)
    actionview (8.1.0.beta1)
      activesupport (= 8.1.0.beta1)
      builder (~> 3.1)
      erubi (~> 1.11)
      rails-dom-testing (~> 2.2)
      rails-html-sanitizer (~> 1.6)
    activecypher (0.11.2)
      activemodel (~> 8.0)
      async (~> 2.21)
      async-pool
      io-endpoint (~> 0.14)
      io-event (~> 1.10)
      io-stream (~> 0.6)
    activemodel (8.1.0.beta1)
      activesupport (= 8.1.0.beta1)
    activerecord (8.1.0.beta1)
      activemodel (= 8.1.0.beta1)
      activesupport (= 8.1.0.beta1)
      timeout (>= 0.4.0)
    activerecord-postgis (0.3.1)
      activerecord (>= 8.0, < 8.1)
      pg
      rgeo-activerecord (>= 8.0)
    activesupport (8.1.0.beta1)
      base64
      benchmark (>= 0.3)
      bigdecimal
      concurrent-ruby (~> 1.0, >= 1.3.1)
      connection_pool (>= 2.2.5)
      drb
      i18n (>= 1.6, < 2)
      logger (>= 1.4.2)
      minitest (>= 5.1)
      securerandom (>= 0.3)
      tzinfo (~> 2.0, >= 2.0.5)
      uri (>= 0.13.1)
    airbrussh (1.5.3)
      sshkit (>= 1.6.1, != 1.7.0)
    ansi (1.5.0)
    async (2.32.0)
      console (~> 1.29)
      fiber-annotation
      io-event (~> 1.11)
      metrics (~> 0.12)
      traces (~> 0.18)
    async-http (0.91.0)
      async (>= 2.10.2)
      async-pool (~> 0.11)
      io-endpoint (~> 0.14)
      io-stream (~> 0.6)
      metrics (~> 0.12)
      protocol-http (~> 0.49)
      protocol-http1 (~> 0.30)
      protocol-http2 (~> 0.22)
      traces (~> 0.10)
    async-http-faraday (0.22.1)
      async-http (~> 0.42)
      faraday
    async-pool (0.11.0)
      async (>= 2.0)
    base64 (0.3.0)
    benchmark (0.4.1)
    bigdecimal (3.2.3)
    breaker_machines (0.5.0)
      activesupport (>= 7.2)
      concurrent-ruby (~> 1.3)
      state_machines (>= 0.100.0)
      zeitwerk (~> 2.7)
    builder (3.3.0)
    capistrano (3.19.2)
      airbrussh (>= 1.0.0)
      i18n
      rake (>= 10.0.0)
      sshkit (>= 1.9.0)
    capistrano-bundler (2.1.1)
      capistrano (~> 3.1)
    capistrano-puma (0.2.3)
      capistrano (>= 3.0)
    capistrano-sidekiq (3.2.0)
      capistrano (>= 3.9.0)
      capistrano-bundler
      sidekiq (>= 7.0)
    chrono_machines (0.2.0)
      zeitwerk (~> 2.7)
    closure_tree (9.1.1)
      activerecord (>= 7.2.0)
      with_advisory_lock (>= 7.0.0)
      zeitwerk (~> 2.7)
    concurrent-ruby (1.3.5)
    connection_pool (2.5.4)
    console (1.34.0)
      fiber-annotation
      fiber-local (~> 1.1)
      json
    crass (1.0.6)
    date (3.4.1)
    drb (2.2.3)
    erb (5.0.2)
    erubi (1.13.1)
    faraday (2.13.4)
      faraday-net_http (>= 2.0, < 3.5)
      json
      logger
    faraday-net_http (3.4.1)
      net-http (>= 0.5.0)
    faraday-retry (2.3.2)
      faraday (~> 2.0)
    fiber-annotation (0.2.0)
    fiber-local (1.1.0)
      fiber-storage
    fiber-storage (1.0.1)
    i18n (1.14.7)
      concurrent-ruby (~> 1.0)
    io-console (0.8.1)
    io-endpoint (0.15.2)
    io-event (1.14.0)
    io-stream (0.10.0)
    irb (1.15.2)
      pp (>= 0.6.0)
      rdoc (>= 4.0.0)
      reline (>= 0.4.2)
    json (2.15.0)
    jsonrpc-rails (0.5.4)
      railties (>= 8.0.1)
    lapsoss (0.4.9)
      activesupport (>= 7.2, < 9.0)
      async-http-faraday (~> 0.19, >= 0.19.0)
      concurrent-ruby (>= 1.3.1)
      faraday (~> 2.0)
      faraday-retry (~> 2.0)
      zeitwerk (~> 2.6)
    logger (1.7.0)
    loofah (2.24.1)
      crass (~> 1.0.2)
      nokogiri (>= 1.12.0)
    metrics (0.15.0)
    minitest (5.25.5)
    minitest-reporters (1.7.1)
      ansi
      builder
      minitest (>= 5.0)
      ruby-progressbar
    minitest-reporters-llm (0.2.0)
      minitest (>= 5.25)
      minitest-reporters (>= 1.7.1)
    multi_json (1.17.0)
    net-http (0.6.0)
      uri
    net-scp (4.1.0)
      net-ssh (>= 2.6.5, < 8.0.0)
    net-sftp (4.0.0)
      net-ssh (>= 5.0.0, < 8.0.0)
    net-ssh (7.3.0)
    no_fly_list (0.7.2)
      activerecord (>= 7.2)
    nokogiri (1.18.10-aarch64-linux-gnu)
      racc (~> 1.4)
    nokogiri (1.18.10-aarch64-linux-musl)
      racc (~> 1.4)
    nokogiri (1.18.10-arm-linux-gnu)
      racc (~> 1.4)
    nokogiri (1.18.10-arm-linux-musl)
      racc (~> 1.4)
    nokogiri (1.18.10-arm64-darwin)
      racc (~> 1.4)
    nokogiri (1.18.10-x86_64-darwin)
      racc (~> 1.4)
    nokogiri (1.18.10-x86_64-linux-gnu)
      racc (~> 1.4)
    nokogiri (1.18.10-x86_64-linux-musl)
      racc (~> 1.4)
    ostruct (0.6.3)
    pg (1.6.2)
    pg (1.6.2-aarch64-linux)
    pg (1.6.2-aarch64-linux-musl)
    pg (1.6.2-arm64-darwin)
    pg (1.6.2-x86_64-darwin)
    pg (1.6.2-x86_64-linux)
    pg (1.6.2-x86_64-linux-musl)
    pp (0.6.2)
      prettyprint
    prettyprint (0.2.0)
    protocol-hpack (1.5.1)
    protocol-http (0.54.0)
    protocol-http1 (0.35.1)
      protocol-http (~> 0.22)
    protocol-http2 (0.23.0)
      protocol-hpack (~> 1.4)
      protocol-http (~> 0.47)
    psych (5.2.6)
      date
      stringio
    racc (1.8.1)
    rack (3.2.1)
    rack-session (2.1.1)
      base64 (>= 0.1.0)
      rack (>= 3.0.0)
    rack-test (2.2.0)
      rack (>= 1.3)
    rackup (2.2.1)
      rack (>= 3)
    rails-dom-testing (2.3.0)
      activesupport (>= 5.0.0)
      minitest
      nokogiri (>= 1.6)
    rails-html-sanitizer (1.6.2)
      loofah (~> 2.21)
      nokogiri (>= 1.15.7, != 1.16.7, != 1.16.6, != 1.16.5, != 1.16.4, != 1.16.3, != 1.16.2, != 1.16.1, != 1.16.0.rc1, != 1.16.0)
    railties (8.1.0.beta1)
      actionpack (= 8.1.0.beta1)
      activesupport (= 8.1.0.beta1)
      irb (~> 1.13)
      rackup (>= 1.0.0)
      rake (>= 12.2)
      thor (~> 1.0, >= 1.2.2)
      tsort (>= 0.2)
      zeitwerk (~> 2.6)
    rake (13.3.0)
    rdoc (6.14.2)
      erb
      psych (>= 4.0.0)
    redis-client (0.26.0)
      connection_pool
    reline (0.6.2)
      io-console (~> 0.5)
    rgeo (3.0.1)
    rgeo-activerecord (8.0.0)
      activerecord (>= 7.0)
      rgeo (>= 3.0)
    ruby-progressbar (1.13.0)
    securerandom (0.4.1)
    sidekiq (8.0.7)
      connection_pool (>= 2.5.0)
      json (>= 2.9.0)
      logger (>= 1.6.2)
      rack (>= 3.1.0)
      redis-client (>= 0.23.2)
    sshkit (1.24.0)
      base64
      logger
      net-scp (>= 1.1.2)
      net-sftp (>= 2.1.2)
      net-ssh (>= 2.8.0)
      ostruct
    state_machines (0.100.2)
    state_machines-activemodel (0.100.0)
      activemodel (>= 7.2)
      state_machines (>= 0.100.0)
    state_machines-activerecord (0.100.0)
      activerecord (>= 7.2)
      state_machines-activemodel (>= 0.100.0)
    stringio (3.1.7)
    thor (1.4.0)
    throttle_machines (0.1.1)
      activesupport (>= 7.0)
      breaker_machines (~> 0.4)
      chrono_machines (>= 0.2)
      concurrent-ruby (~> 1.3)
      rack (~> 3.0)
      zeitwerk (~> 2.7)
    timeout (0.4.3)
    traces (0.18.2)
    tsort (0.2.0)
    tzinfo (2.0.6)
      concurrent-ruby (~> 1.0)
    uri (1.0.3)
    useragent (0.16.11)
    with_advisory_lock (7.0.1)
      activerecord (>= 7.2)
      zeitwerk (>= 2.7)
    zeitwerk (2.7.3)

PLATFORMS
  aarch64-linux
  aarch64-linux-gnu
  aarch64-linux-musl
  arm-linux-gnu
  arm-linux-musl
  arm64-darwin
  x86_64-darwin
  x86_64-linux
  x86_64-linux-gnu
  x86_64-linux-musl

DEPENDENCIES
  actionmcp
  activecypher
  activerecord (= 8.1.0.beta1)
  activerecord-postgis
  breaker_machines
  capistrano-puma
  capistrano-sidekiq
  chrono_machines
  closure_tree
  lapsoss
  minitest-reporters-llm
  no_fly_list
  railties (= 8.1.0.beta1)
  state_machines
  state_machines-activerecord
  throttle_machines

RUBY VERSION
   ruby 3.4.5p51

BUNDLED WITH
   2.7.2
